GEM
  remote: https://rubygems.org/
  specs:
    cinch (2.3.1)
    httpclient (2.7.1)
    mediawiki-butt (0.11.0)
      httpclient (>= 2.7.1)

PLATFORMS
  ruby

DEPENDENCIES
  cinch (>= 2.3.1)
  mediawiki-butt (>= 0.10.2)

BUNDLED WITH
   1.11.2
