GEM
  remote: https://rubygems.org/
  specs:
    cinch (2.3.2)
    httpclient (2.8.0)
    mediawiki-butt (0.11.1)
      httpclient (~> 2.8)

PLATFORMS
  ruby

DEPENDENCIES
  cinch (~> 2.3)
  mediawiki-butt (~> 0.11)

BUNDLED WITH
   1.11.2
